PATH
  remote: .
  specs:
    xrechnung (0.1.3)
      builder (~> 3.2)

GEM
  remote: https://rubygems.org/
  specs:
    activesupport (7.0.4.3)
      concurrent-ruby (~> 1.0, >= 1.0.2)
      i18n (>= 1.6, < 2)
      minitest (>= 5.1)
      tzinfo (~> 2.0)
    ast (2.4.2)
    builder (3.2.4)
    concurrent-ruby (1.2.2)
    diff-lcs (1.4.4)
    factory_bot (6.2.1)
      activesupport (>= 5.0.0)
    faker (3.2.0)
      i18n (>= 1.8.11, < 2)
    i18n (1.12.0)
      concurrent-ruby (~> 1.0)
    minitest (5.18.0)
    parallel (1.20.1)
    parser (3.0.1.0)
      ast (~> 2.4.1)
    pastel (0.8.0)
      tty-color (~> 0.5)
    rainbow (3.0.0)
    rake (13.0.3)
    regexp_parser (2.1.1)
    rexml (3.2.5)
    rspec (3.10.0)
      rspec-core (~> 3.10.0)
      rspec-expectations (~> 3.10.0)
      rspec-mocks (~> 3.10.0)
    rspec-core (3.10.1)
      rspec-support (~> 3.10.0)
    rspec-expectations (3.10.1)
      diff-lcs (>= 1.2.0, < 2.0)
      rspec-support (~> 3.10.0)
    rspec-mocks (3.10.2)
      diff-lcs (>= 1.2.0, < 2.0)
      rspec-support (~> 3.10.0)
    rspec-support (3.10.2)
    rubocop (1.13.0)
      parallel (~> 1.10)
      parser (>= 3.0.0.0)
      rainbow (>= 2.2.2, < 4.0)
      regexp_parser (>= 1.8, < 3.0)
      rexml
      rubocop-ast (>= 1.2.0, < 2.0)
      ruby-progressbar (~> 1.7)
      unicode-display_width (>= 1.4.0, < 3.0)
    rubocop-ast (1.4.1)
      parser (>= 2.7.1.5)
    rubocop-rspec (2.2.0)
      rubocop (~> 1.0)
      rubocop-ast (>= 1.1.0)
    ruby-progressbar (1.11.0)
    rubyzip (2.3.0)
    tty-color (0.6.0)
    tty-command (0.10.1)
      pastel (~> 0.8)
    tzinfo (2.0.6)
      concurrent-ruby (~> 1.0)
    unicode-display_width (2.0.0)

PLATFORMS
  ruby

DEPENDENCIES
  factory_bot
  faker
  rake (~> 13.0)
  rspec (~> 3.0)
  rubocop-rspec (~> 2.1)
  rubyzip (> 2.0)
  tty-command
  xrechnung!

BUNDLED WITH
   2.2.15
